GEM
  remote: https://rubygems.org/
  specs:
    activesupport (5.2.2.1)
      concurrent-ruby (~> 1.0, >= 1.0.2)
      i18n (>= 0.7, < 2)
      minitest (~> 5.1)
      tzinfo (~> 1.1)
    bamboozled (0.1.0)
      activesupport
      httparty (~> 0.13)
      json (~> 1.8)
    coderay (1.1.2)
    concurrent-ruby (1.1.5)
    gitlab (4.10.0)
      httparty (~> 0.14, >= 0.14.0)
      terminal-table (~> 1.5, >= 1.5.1)
    httparty (0.21.0)
      mini_mime (>= 1.0.0)
      multi_xml (>= 0.5.2)
    i18n (1.6.0)
      concurrent-ruby (~> 1.0)
    json (1.8.6)
    method_source (0.9.2)
    mini_mime (1.1.2)
    minitest (5.11.3)
    multi_xml (0.6.0)
    pry (0.12.2)
      coderay (~> 1.1.0)
      method_source (~> 0.9.0)
    terminal-table (1.8.0)
      unicode-display_width (~> 1.1, >= 1.1.1)
    thread_safe (0.3.6)
    tzinfo (1.2.5)
      thread_safe (~> 0.1)
    unicode-display_width (1.5.0)

PLATFORMS
  ruby

DEPENDENCIES
  bamboozled
  gitlab
  pry

BUNDLED WITH
   1.17.1
